PATH
  remote: .
  specs:
    ruby-poker (0.3.2)

GEM
  remote: https://rubygems.org/
  specs:
    shoulda-context (1.1.6)

PLATFORMS
  ruby

DEPENDENCIES
  ruby-poker!
  shoulda-context (~> 1.1)
